PATH
  remote: .
  specs:
    tanker-identity (0.1.0)
      rbnacl (~> 7.0)

GEM
  remote: https://rubygems.org/
  specs:
    bundler-audit (0.7.0.1)
      bundler (>= 1.2.0, < 3)
      thor (>= 0.18, < 2)
    codecov (0.1.17)
      json
      simplecov
      url
    diff-lcs (1.3)
    docile (1.3.2)
    ffi (1.13.1)
    json (2.3.0)
    rake (13.0.1)
    rbnacl (7.1.1)
      ffi
    rspec (3.9.0)
      rspec-core (~> 3.9.0)
      rspec-expectations (~> 3.9.0)
      rspec-mocks (~> 3.9.0)
    rspec-core (3.9.2)
      rspec-support (~> 3.9.3)
    rspec-expectations (3.9.2)
      diff-lcs (>= 1.2.0, < 2.0)
      rspec-support (~> 3.9.0)
    rspec-mocks (3.9.1)
      diff-lcs (>= 1.2.0, < 2.0)
      rspec-support (~> 3.9.0)
    rspec-support (3.9.3)
    simplecov (0.18.5)
      docile (~> 1.1)
      simplecov-html (~> 0.11)
    simplecov-html (0.12.2)
    thor (1.0.1)
    url (0.3.2)

PLATFORMS
  ruby

DEPENDENCIES
  bundler (~> 2.0)
  bundler-audit (~> 0.7)
  codecov
  rake (~> 13.0)
  rspec (~> 3.0)
  simplecov
  tanker-identity!

BUNDLED WITH
   2.1.4
