PATH
  remote: .
  specs:
    tanker-identity (0.0.1)
      base64 (~> 0.2.0)
      rbnacl (~> 7.0)

GEM
  remote: https://rubygems.org/
  specs:
    base64 (0.2.0)
    bundler-audit (0.9.2)
      bundler (>= 1.2.0, < 3)
      thor (~> 1.0)
    date (3.4.1)
    diff-lcs (1.5.1)
    docile (1.4.1)
    ffi (1.17.0)
    io-console (0.8.0)
    irb (1.14.3)
      rdoc (>= 4.0.0)
      reline (>= 0.4.2)
    psych (5.2.2)
      date
      stringio
    rake (13.2.1)
    rbnacl (7.1.2)
      ffi (~> 1)
    rdoc (6.10.0)
      psych (>= 4.0.0)
    reline (0.6.0)
      io-console (~> 0.5)
    rexml (3.4.0)
    rspec (3.13.0)
      rspec-core (~> 3.13.0)
      rspec-expectations (~> 3.13.0)
      rspec-mocks (~> 3.13.0)
    rspec-core (3.13.2)
      rspec-support (~> 3.13.0)
    rspec-expectations (3.13.3)
      diff-lcs (>= 1.2.0, < 2.0)
      rspec-support (~> 3.13.0)
    rspec-mocks (3.13.2)
      diff-lcs (>= 1.2.0, < 2.0)
      rspec-support (~> 3.13.0)
    rspec-support (3.13.2)
    rubygems-tasks (0.2.6)
      irb (~> 1.0)
      rake (>= 10.0.0)
    simplecov (0.22.0)
      docile (~> 1.1)
      simplecov-html (~> 0.11)
      simplecov_json_formatter (~> 0.1)
    simplecov-cobertura (2.1.0)
      rexml
      simplecov (~> 0.19)
    simplecov-html (0.13.1)
    simplecov_json_formatter (0.1.4)
    stringio (3.1.2)
    thor (1.3.2)

PLATFORMS
  arm64-darwin-24
  ruby

DEPENDENCIES
  bundler (~> 2.0)
  bundler-audit (~> 0.9)
  rake (~> 13.0)
  rspec (~> 3.0)
  rubygems-tasks (~> 0.2.6)
  simplecov
  simplecov-cobertura
  tanker-identity!

BUNDLED WITH
   2.6.2
