PATH
  remote: .
  specs:
    tanker-identity (0.0.1)
      rbnacl (~> 7.0)

GEM
  remote: https://rubygems.org/
  specs:
    bundler-audit (0.8.0)
      bundler (>= 1.2.0, < 3)
      thor (~> 1.0)
    codecov (0.5.2)
      simplecov (>= 0.15, < 0.22)
    diff-lcs (1.4.4)
    docile (1.4.0)
    ffi (1.15.3)
    io-console (0.5.9)
    irb (1.3.5)
      reline (>= 0.1.5)
    rake (13.0.3)
    rbnacl (7.1.1)
      ffi
    reline (0.2.5)
      io-console (~> 0.5)
    rspec (3.10.0)
      rspec-core (~> 3.10.0)
      rspec-expectations (~> 3.10.0)
      rspec-mocks (~> 3.10.0)
    rspec-core (3.10.1)
      rspec-support (~> 3.10.0)
    rspec-expectations (3.10.1)
      diff-lcs (>= 1.2.0, < 2.0)
      rspec-support (~> 3.10.0)
    rspec-mocks (3.10.2)
      diff-lcs (>= 1.2.0, < 2.0)
      rspec-support (~> 3.10.0)
    rspec-support (3.10.2)
    rubygems-tasks (0.2.5)
      irb (~> 1.0)
    simplecov (0.21.2)
      docile (~> 1.1)
      simplecov-html (~> 0.11)
      simplecov_json_formatter (~> 0.1)
    simplecov-html (0.12.3)
    simplecov_json_formatter (0.1.3)
    thor (1.1.0)

PLATFORMS
  ruby

DEPENDENCIES
  bundler (~> 2.0)
  bundler-audit (~> 0.7)
  codecov
  rake (~> 13.0)
  rspec (~> 3.0)
  rubygems-tasks (~> 0.2.5)
  simplecov
  tanker-identity!

BUNDLED WITH
   2.1.4
