PATH
  remote: .
  specs:
    tanker-identity (0.1.0)
      rbnacl (~> 6.0.1)

GEM
  remote: https://rubygems.org/
  specs:
    codecov (0.1.16)
      json
      simplecov
      url
    diff-lcs (1.3)
    docile (1.3.2)
    ffi (1.10.0)
    json (2.2.0)
    rake (10.5.0)
    rbnacl (6.0.1)
      ffi
    rspec (3.8.0)
      rspec-core (~> 3.8.0)
      rspec-expectations (~> 3.8.0)
      rspec-mocks (~> 3.8.0)
    rspec-core (3.8.0)
      rspec-support (~> 3.8.0)
    rspec-expectations (3.8.2)
      diff-lcs (>= 1.2.0, < 2.0)
      rspec-support (~> 3.8.0)
    rspec-mocks (3.8.0)
      diff-lcs (>= 1.2.0, < 2.0)
      rspec-support (~> 3.8.0)
    rspec-support (3.8.0)
    simplecov (0.17.1)
      docile (~> 1.1)
      json (>= 1.8, < 3)
      simplecov-html (~> 0.10.0)
    simplecov-html (0.10.2)
    url (0.3.2)

PLATFORMS
  ruby

DEPENDENCIES
  bundler (~> 2.0)
  codecov
  rake (~> 10.0)
  rspec (~> 3.0)
  simplecov
  tanker-identity!

BUNDLED WITH
   2.0.2
