PATH
  remote: .
  specs:
    tanker-identity (0.0.1)
      rbnacl (~> 7.0)

GEM
  remote: https://rubygems.org/
  specs:
    bundler-audit (0.9.1)
      bundler (>= 1.2.0, < 3)
      thor (~> 1.0)
    diff-lcs (1.5.0)
    docile (1.4.0)
    ffi (1.15.5)
    io-console (0.6.0)
    irb (1.6.3)
      reline (>= 0.3.0)
    rake (13.0.6)
    rbnacl (7.1.1)
      ffi
    reline (0.3.2)
      io-console (~> 0.5)
    rexml (3.2.5)
    rspec (3.12.0)
      rspec-core (~> 3.12.0)
      rspec-expectations (~> 3.12.0)
      rspec-mocks (~> 3.12.0)
    rspec-core (3.12.1)
      rspec-support (~> 3.12.0)
    rspec-expectations (3.12.2)
      diff-lcs (>= 1.2.0, < 2.0)
      rspec-support (~> 3.12.0)
    rspec-mocks (3.12.4)
      diff-lcs (>= 1.2.0, < 2.0)
      rspec-support (~> 3.12.0)
    rspec-support (3.12.0)
    rubygems-tasks (0.2.5)
      irb (~> 1.0)
    simplecov (0.22.0)
      docile (~> 1.1)
      simplecov-html (~> 0.11)
      simplecov_json_formatter (~> 0.1)
    simplecov-cobertura (2.1.0)
      rexml
      simplecov (~> 0.19)
    simplecov-html (0.12.3)
    simplecov_json_formatter (0.1.4)
    thor (1.2.1)

PLATFORMS
  ruby

DEPENDENCIES
  bundler (~> 2.0)
  bundler-audit (~> 0.9)
  rake (~> 13.0)
  rspec (~> 3.0)
  rubygems-tasks (~> 0.2.5)
  simplecov
  simplecov-cobertura
  tanker-identity!

BUNDLED WITH
   2.4.1
