PATH
  remote: .
  specs:
    tanker-identity (0.0.1)
      rbnacl (~> 7.0)

GEM
  remote: https://rubygems.org/
  specs:
    bundler-audit (0.9.1)
      bundler (>= 1.2.0, < 3)
      thor (~> 1.0)
    diff-lcs (1.5.1)
    docile (1.4.0)
    ffi (1.16.3)
    io-console (0.7.2)
    irb (1.12.0)
      rdoc
      reline (>= 0.4.2)
    psych (5.1.2)
      stringio
    rake (13.1.0)
    rbnacl (7.1.1)
      ffi
    rdoc (6.6.3.1)
      psych (>= 4.0.0)
    reline (0.5.0)
      io-console (~> 0.5)
    rexml (3.2.8)
      strscan (>= 3.0.9)
    rspec (3.13.0)
      rspec-core (~> 3.13.0)
      rspec-expectations (~> 3.13.0)
      rspec-mocks (~> 3.13.0)
    rspec-core (3.13.0)
      rspec-support (~> 3.13.0)
    rspec-expectations (3.13.0)
      diff-lcs (>= 1.2.0, < 2.0)
      rspec-support (~> 3.13.0)
    rspec-mocks (3.13.0)
      diff-lcs (>= 1.2.0, < 2.0)
      rspec-support (~> 3.13.0)
    rspec-support (3.13.1)
    rubygems-tasks (0.2.6)
      irb (~> 1.0)
      rake (>= 10.0.0)
    simplecov (0.22.0)
      docile (~> 1.1)
      simplecov-html (~> 0.11)
      simplecov_json_formatter (~> 0.1)
    simplecov-cobertura (2.1.0)
      rexml
      simplecov (~> 0.19)
    simplecov-html (0.12.3)
    simplecov_json_formatter (0.1.4)
    stringio (3.1.0)
    strscan (3.1.0)
    thor (1.3.1)

PLATFORMS
  ruby

DEPENDENCIES
  bundler (~> 2.0)
  bundler-audit (~> 0.9)
  rake (~> 13.0)
  rspec (~> 3.0)
  rubygems-tasks (~> 0.2.5)
  simplecov
  simplecov-cobertura
  tanker-identity!

BUNDLED WITH
   2.5.4
