PATH
  remote: .
  specs:
    tanker-identity (0.1.0)
      rbnacl (~> 7.0)
      sorbet-runtime (~> 0.5)

GEM
  remote: https://rubygems.org/
  specs:
    codecov (0.1.16)
      json
      simplecov
      url
    diff-lcs (1.3)
    docile (1.3.2)
    ffi (1.13.0)
    json (2.3.0)
    rake (13.0.1)
    rbnacl (7.1.1)
      ffi
    rspec (3.9.0)
      rspec-core (~> 3.9.0)
      rspec-expectations (~> 3.9.0)
      rspec-mocks (~> 3.9.0)
    rspec-core (3.9.1)
      rspec-support (~> 3.9.1)
    rspec-expectations (3.9.0)
      diff-lcs (>= 1.2.0, < 2.0)
      rspec-support (~> 3.9.0)
    rspec-mocks (3.9.1)
      diff-lcs (>= 1.2.0, < 2.0)
      rspec-support (~> 3.9.0)
    rspec-support (3.9.2)
    simplecov (0.18.5)
      docile (~> 1.1)
      simplecov-html (~> 0.11)
    simplecov-html (0.12.1)
    sorbet (0.5.5737)
      sorbet-static (= 0.5.5737)
    sorbet-runtime (0.5.5737)
    sorbet-static (0.5.5737-universal-darwin-14)
    url (0.3.2)

PLATFORMS
  ruby

DEPENDENCIES
  bundler (~> 2.0)
  codecov
  rake (~> 13.0)
  rspec (~> 3.0)
  simplecov
  sorbet (~> 0.5)
  tanker-identity!

BUNDLED WITH
   2.1.4
