PATH
  remote: ../..
  specs:
    tanker-identity (0.1.0)
      rbnacl (~> 6.0.1)

GEM
  remote: https://rubygems.org/
  specs:
    ffi (1.10.0)
    mustermann (1.0.3)
    rack (2.0.7)
    rack-protection (2.0.5)
      rack
    rbnacl (6.0.1)
      ffi
    sinatra (2.0.5)
      mustermann (~> 1.0)
      rack (~> 2.0)
      rack-protection (= 2.0.5)
      tilt (~> 2.0)
    sinatra-cross_origin (0.4.0)
    tilt (2.0.9)

PLATFORMS
  ruby

DEPENDENCIES
  sinatra (~> 2.0.5)
  sinatra-cross_origin (~> 0.4.0)
  tanker-identity!

BUNDLED WITH
   2.0.1
