PATH
  remote: ../..
  specs:
    tanker-identity (0.1.0)
      rbnacl (~> 7.0)

GEM
  remote: https://rubygems.org/
  specs:
    ffi (1.13.1)
    mustermann (1.0.3)
    rack (2.2.3)
    rack-protection (2.0.7)
      rack
    rbnacl (7.1.1)
      ffi
    sinatra (2.0.7)
      mustermann (~> 1.0)
      rack (~> 2.0)
      rack-protection (= 2.0.7)
      tilt (~> 2.0)
    sinatra-cross_origin (0.4.0)
    tilt (2.0.10)

PLATFORMS
  ruby

DEPENDENCIES
  sinatra (~> 2.0.7)
  sinatra-cross_origin (~> 0.4.0)
  tanker-identity!

BUNDLED WITH
   2.1.2
